GEM
  remote: https://rubygems.org/
  specs:
    asciiart (0.0.8)
      rainbow (= 2.0.0)
      rmagick
    catpix (0.2.0)
      docopt (~> 0.5, >= 0.5.0)
      rmagick (~> 2.15, >= 2.15.2)
      ruby-terminfo (~> 0.1, >= 0.1.1)
      tco (~> 0.1, >= 0.1.8)
    docopt (0.6.0)
    printer (0.1.0)
    rainbow (2.0.0)
    rmagick (2.16.0)
    ruby-terminfo (0.1.1)
    tco (0.1.8)

PLATFORMS
  ruby

DEPENDENCIES
  asciiart
  catpix
  printer

BUNDLED WITH
   1.14.6
